PATH
  remote: .
  specs:
    bipbip (0.8.0)
      bson (~> 4.0.0)
      copperegg-revealmetrics (~> 0.8.1)
      elasticsearch (~> 5.0.4)
      eventmachine (~> 1.2.0)
      gearman-ruby (~> 4.0.5)
      janus_gateway (~> 0.0.13)
      komenda (~> 0.1.6)
      memcached (~> 1.8.0)
      mongo (~> 2.2.7)
      monit (~> 0.3)
      mysql2 (~> 0.3.18)
      net-telnet (~> 0.1.1)
      rb-inotify (~> 0.9.5)
      redis (~> 3.3.3)
      resque (~> 1.25)
      sinatra (~> 1.4.7)

GEM
  remote: https://rubygems.org/
  specs:
    activesupport (3.2.22.5)
      i18n (~> 0.6, >= 0.6.4)
      multi_json (~> 1.0)
    addressable (2.5.2)
      public_suffix (>= 2.0.2, < 4.0)
    ast (2.3.0)
    bson (4.0.4)
    concurrent-ruby (1.0.5)
    cookiejar (0.3.3)
    copperegg-revealmetrics (0.8.2)
      json_pure (~> 1.7.6)
    crack (0.4.3)
      safe_yaml (~> 1.0.0)
    diff-lcs (1.3)
    elasticsearch (5.0.4)
      elasticsearch-api (= 5.0.4)
      elasticsearch-transport (= 5.0.4)
    elasticsearch-api (5.0.4)
      multi_json
    elasticsearch-transport (5.0.4)
      faraday
      multi_json
    em-http-request (1.1.5)
      addressable (>= 2.3.4)
      cookiejar (!= 0.3.1)
      em-socksify (>= 0.3)
      eventmachine (>= 1.0.3)
      http_parser.rb (>= 0.6.0)
    em-socksify (0.3.2)
      eventmachine (>= 1.0.0.beta.4)
    eventmachine (1.2.5)
    events (0.9.8)
    faraday (0.13.1)
      multipart-post (>= 1.2, < 3)
    faye-websocket (0.10.7)
      eventmachine (>= 0.12.0)
      websocket-driver (>= 0.5.1)
    ffi (1.9.18)
    gearman-ruby (4.0.5)
    hashdiff (0.3.7)
    http_parser.rb (0.6.0)
    i18n (0.9.1)
      concurrent-ruby (~> 1.0)
    janus_gateway (0.0.15)
      concurrent-ruby (~> 1.0.0)
      em-http-request (~> 1.1.3)
      eventmachine (~> 1.2.0)
      events (~> 0.9.8)
      faye-websocket (~> 0.10.4)
    json_pure (1.7.7)
    komenda (0.1.8)
      events (~> 0.9.8)
    memcached (1.8.0)
    mongo (2.2.7)
      bson (~> 4.0)
    monit (0.3.1)
      activesupport (~> 3.2.12)
      nokogiri (~> 1.5.2)
    mono_logger (1.1.0)
    multi_json (1.13.0)
    multipart-post (2.0.0)
    mysql2 (0.3.21)
    net-telnet (0.1.1)
    nokogiri (1.5.11)
    parser (2.4.0.2)
      ast (~> 2.3)
    powerpack (0.1.1)
    public_suffix (3.0.1)
    rack (1.6.8)
    rack-protection (1.5.3)
      rack
    rainbow (2.2.2)
      rake
    rake (12.0.0)
    rb-inotify (0.9.10)
      ffi (>= 0.5.0, < 2)
    redis (3.3.5)
    redis-namespace (1.6.0)
      redis (>= 3.0.4)
    resque (1.27.4)
      mono_logger (~> 1.0)
      multi_json (~> 1.0)
      redis-namespace (~> 1.3)
      sinatra (>= 0.9.2)
      vegas (~> 0.1.2)
    rspec (3.7.0)
      rspec-core (~> 3.7.0)
      rspec-expectations (~> 3.7.0)
      rspec-mocks (~> 3.7.0)
    rspec-core (3.7.0)
      rspec-support (~> 3.7.0)
    rspec-expectations (3.7.0)
      diff-lcs (>= 1.2.0, < 2.0)
      rspec-support (~> 3.7.0)
    rspec-mocks (3.7.0)
      diff-lcs (>= 1.2.0, < 2.0)
      rspec-support (~> 3.7.0)
    rspec-support (3.7.0)
    rubocop (0.41.2)
      parser (>= 2.3.1.1, < 3.0)
      powerpack (~> 0.1)
      rainbow (>= 1.99.1, < 3.0)
      ruby-progressbar (~> 1.7)
      unicode-display_width (~> 1.0, >= 1.0.1)
    ruby-progressbar (1.9.0)
    safe_yaml (1.0.4)
    sinatra (1.4.8)
      rack (~> 1.5)
      rack-protection (~> 1.4)
      tilt (>= 1.3, < 3)
    tilt (2.0.8)
    unicode-display_width (1.3.0)
    vegas (0.1.11)
      rack (>= 1.0.0)
    webmock (3.0.1)
      addressable (>= 2.3.6)
      crack (>= 0.3.2)
      hashdiff
    websocket-driver (0.7.0)
      websocket-extensions (>= 0.1.0)
    websocket-extensions (0.1.3)

PLATFORMS
  ruby

DEPENDENCIES
  bipbip!
  rake (~> 12.0.0)
  rspec (~> 3.0)
  rubocop (~> 0.41.2)
  webmock (~> 3.0.1)

BUNDLED WITH
   1.16.1
